GEM
  remote: https://rubygems.org/
  specs:
    andand (1.3.3)
    daemons (1.2.3)
    eventmachine (1.0.8)
    facets (3.0.0)
    fattr (2.2.2)
    haml (4.0.7)
      tilt
    mharris_ext (1.7.1)
      facets
      fattr
    rack (1.6.4)
    rack-protection (1.5.3)
      rack
    rake (10.4.2)
    sinatra (1.4.6)
      rack (~> 1.4)
      rack-protection (~> 1.4)
      tilt (>= 1.3, < 3)
    thin (1.6.4)
      daemons (~> 1.0, >= 1.0.9)
      eventmachine (~> 1.0, >= 1.0.4)
      rack (~> 1.0)
    tilt (2.0.1)

PLATFORMS
  ruby

DEPENDENCIES
  andand
  haml
  mharris_ext
  rake
  sinatra
  thin

BUNDLED WITH
   1.10.6
